GEM
  remote: https://rubygems.org/
  specs:
    flt (1.4.6)
    rake (10.4.2)

PLATFORMS
  java
  ruby

DEPENDENCIES
  flt
  rake
